GEM
  remote: https://rubygems.org/
  specs:
    json (1.7.7)
    mime-types (1.21)
    nokogiri (1.5.6)
    rchardet19 (1.3.5)
    rest-client (1.6.7)
      mime-types (>= 1.16)
    rubytree (0.8.3)
      json (>= 1.7.5)
      structured_warnings (>= 0.1.3)
    structured_warnings (0.1.3)

PLATFORMS
  ruby

DEPENDENCIES
  nokogiri
  rchardet19
  rest-client
  rubytree (~> 0.8.3)
